GEM
  remote: http://rubygems.org/
  specs:
    glorify (0.5.0)
      nokogiri
      rdoc-rouge
      sinatra
    mini_portile2 (2.1.0)
    mustermann (1.0.0)
    nokogiri (1.7.2)
      mini_portile2 (~> 2.1.0)
    rack (2.0.3)
    rack-protection (2.0.0)
      rack
    rdiscount (2.2.0.1)
    rdoc (4.3.0)
    rdoc-rouge (0.1.0)
      rdoc (~> 4.0)
      rouge (~> 0.3.0)
    rouge (0.3.10)
      thor
    sinatra (2.0.0)
      mustermann (~> 1.0)
      rack (~> 2.0)
      rack-protection (= 2.0.0)
      tilt (~> 2.0)
    thor (0.19.4)
    tilt (2.0.7)

PLATFORMS
  ruby

DEPENDENCIES
  glorify
  rdiscount
  sinatra

BUNDLED WITH
   1.15.0
